GEM
  remote: http://rubygems.org/
  specs:
    airbrussh (1.3.1)
      sshkit (>= 1.6.1, != 1.7.0)
    capistrano (3.11.0)
      airbrussh (>= 1.0.0)
      i18n
      rake (>= 10.0.0)
      sshkit (>= 1.9.0)
    capistrano-slackify (2.10.2)
      capistrano (>= 3.2.0)
      multi_json
    concurrent-ruby (1.1.4)
    i18n (1.5.1)
      concurrent-ruby (~> 1.0)
    magentify (0.0.6)
      capistrano (>= 2.5.10)
    multi_json (1.13.1)
    net-scp (1.2.1)
      net-ssh (>= 2.6.5)
    net-ssh (5.1.0)
    rake (12.3.2)
    sshkit (1.18.0)
      net-scp (>= 1.1.2)
      net-ssh (>= 2.8.0)

PLATFORMS
  ruby

DEPENDENCIES
  capistrano (~> 3.0)
  capistrano-slackify
  magentify

BUNDLED WITH
   2.0.1
